PATH
  remote: .
  specs:
    sql_runner (0.1.0)
      connection_pool

GEM
  remote: https://rubygems.org/
  specs:
    awesome_print (1.8.0)
    byebug (9.1.0)
    coderay (1.1.2)
    connection_pool (2.2.1)
    docile (1.1.5)
    json (2.1.0)
    metaclass (0.0.4)
    method_source (0.8.2)
    minitest (5.10.3)
    minitest-utils (0.3.1)
      minitest
    mocha (1.3.0)
      metaclass (~> 0.0.1)
    pg (0.21.0)
    pry (0.10.4)
      coderay (~> 1.1.0)
      method_source (~> 0.8.1)
      slop (~> 3.4)
    pry-byebug (3.5.0)
      byebug (~> 9.1)
      pry (~> 0.10)
    pry-meta (0.0.10)
      awesome_print
      pry
      pry-byebug
      pry-remote
    pry-remote (0.1.8)
      pry (~> 0.9)
      slop (~> 3.0)
    rake (12.1.0)
    simplecov (0.13.0)
      docile (~> 1.1.0)
      json (>= 1.8, < 3)
      simplecov-html (~> 0.10.0)
    simplecov-html (0.10.2)
    slop (3.6.0)

PLATFORMS
  ruby

DEPENDENCIES
  bundler
  minitest-utils
  mocha
  pg
  pry-meta
  rake
  simplecov
  sql_runner!

BUNDLED WITH
   1.15.4
