PATH
  remote: .
  specs:
    sql_runner (0.2.0)
      connection_pool

GEM
  remote: https://rubygems.org/
  specs:
    awesome_print (1.8.0)
    byebug (11.0.1)
    coderay (1.1.2)
    connection_pool (2.2.2)
    docile (1.3.2)
    json (2.3.0)
    method_source (0.9.2)
    minitest (5.14.0)
    minitest-utils (0.4.6)
      minitest
    mocha (1.11.2)
    mysql2 (0.5.3)
    pg (1.2.2)
    pry (0.12.2)
      coderay (~> 1.1.0)
      method_source (~> 0.9.0)
    pry-byebug (3.7.0)
      byebug (~> 11.0)
      pry (~> 0.10)
    pry-meta (0.0.10)
      awesome_print
      pry
      pry-byebug
      pry-remote
    pry-remote (0.1.8)
      pry (~> 0.9)
      slop (~> 3.0)
    rake (13.0.1)
    simplecov (0.17.1)
      docile (~> 1.1)
      json (>= 1.8, < 3)
      simplecov-html (~> 0.10.0)
    simplecov-html (0.10.2)
    slop (3.6.0)

PLATFORMS
  ruby

DEPENDENCIES
  bundler
  minitest-utils
  mocha
  mysql2
  pg
  pry-meta
  rake
  simplecov
  sql_runner!

BUNDLED WITH
   2.1.2
